GEM
  remote: https://rubygems.org/
  specs:
    activesupport (4.2.5.1)
      i18n (~> 0.7)
      json (~> 1.7, >= 1.7.7)
      minitest (~> 5.1)
      thread_safe (~> 0.3, >= 0.3.4)
      tzinfo (~> 1.1)
    blankslate (3.1.3)
    diff-lcs (1.2.5)
    exifr (1.1.3)
    ffi (1.9.3)
    htmlentities (4.3.1)
    i18n (0.7.0)
    json (1.8.6)
    listen (1.0.3)
      rb-fsevent (>= 0.9.3)
      rb-inotify (>= 0.9)
      rb-kqueue (>= 0.2)
    mail (2.2.7)
      activesupport (>= 2.3.6)
      mime-types
      treetop (>= 1.4.5)
    mime-types (2.1)
    mini_magick (3.7.0)
      subexec (~> 0.2.1)
    mini_portile (0.6.2)
    mini_portile2 (2.1.0)
    minitest (5.8.4)
    net-ldap (0.8.0)
    nokogiri (1.7.2)
      mini_portile2 (~> 2.1.0)
    parslet (1.7.1)
      blankslate (>= 2.0, <= 4.0)
    polyglot (0.3.3)
    rack (1.6.4)
    rack-accept (0.4.5)
      rack (>= 0.4)
    rake (10.1.1)
    rb-fsevent (0.9.4)
    rb-inotify (0.9.3)
      ffi (>= 0.5.0)
    rb-kqueue (0.2.0)
      ffi (>= 0.5.0)
    require_pattern (1.0)
      term-colorizer
    rerun (0.8.2)
      listen (~> 1.0.3)
    ri_cal (0.8.8)
    rspec (2.14.1)
      rspec-core (~> 2.14.0)
      rspec-expectations (~> 2.14.0)
      rspec-mocks (~> 2.14.0)
    rspec-core (2.14.7)
    rspec-expectations (2.14.5)
      diff-lcs (>= 1.1.3, < 2.0)
    rspec-mocks (2.14.5)
    sass (3.2.14)
    scorched (0.25)
      rack (~> 1.4)
      rack-accept (~> 0.4)
      scorched-accept (~> 0.1)
      tilt (~> 1.4)
    scorched-accept (0.1)
      parslet (~> 1.7)
    sequel (4.21.0)
    shotgun (0.9.1)
      rack (>= 1.0)
    subexec (0.2.3)
    term-colorizer (0.2.1)
    thread_safe (0.3.5)
    tilt (1.4.1)
    tiny_tds (0.7.0)
      mini_portile (= 0.6.2)
    titleize (1.3.0)
    treetop (1.4.15)
      polyglot
      polyglot (>= 0.3.1)
    tzinfo (1.2.2)
      thread_safe (~> 0.1)

PLATFORMS
  ruby

DEPENDENCIES
  activesupport
  exifr
  htmlentities
  mail
  mime-types
  mini_magick
  net-ldap
  nokogiri
  rake
  require_pattern
  rerun
  ri_cal
  rspec
  sass
  scorched
  sequel
  shotgun
  term-colorizer
  tiny_tds (>= 0.7.0)
  titleize

BUNDLED WITH
   1.15.0
