GEM
  specs:
    backports (2.3.0)
    diff-lcs (1.1.3)
    eventmachine (0.12.10)
    htmlentities (4.3.0)
    nokogiri (1.5.0)
    rack (1.4.0)
    rack-protection (1.2.0)
      rack
    rack-test (0.6.1)
      rack (>= 1.0)
    rspec (2.8.0)
      rspec-core (~> 2.8.0)
      rspec-expectations (~> 2.8.0)
      rspec-mocks (~> 2.8.0)
    rspec-core (2.8.0)
    rspec-expectations (2.8.0)
      diff-lcs (~> 1.1.2)
    rspec-mocks (2.8.0)
    sequel (3.31.0)
    sinatra (1.3.2)
      rack (~> 1.3, >= 1.3.6)
      rack-protection (~> 1.2)
      tilt (~> 1.3, >= 1.3.3)
    sinatra-contrib (1.3.1)
      backports (>= 2.0)
      eventmachine
      rack-protection
      rack-test
      sinatra (~> 1.3.0)
      tilt (~> 1.3)
    tilt (1.3.3)
    tiny_tds (0.5.0)

PLATFORMS
  ruby

DEPENDENCIES
  htmlentities
  nokogiri
  rspec
  sequel (>= 3.29.0)
  sinatra
  sinatra-contrib
  tiny_tds
